GEM
  remote: https://rubygems.org/
  specs:
    rack (1.6.4)

PLATFORMS
  ruby

DEPENDENCIES
  rack
  rack-rewrite

BUNDLED WITH
   1.10.4
